GIT
  remote: git@github.com:kobusjoubert/oanda_api_v20_backtest.git
  revision: c6f6543f647021f20302b4a7709fe599ff4c752b
  specs:
    oanda_api_v20_backtest (2.0.50)
      redis (~> 3.3)

GIT
  remote: https://github.com/kobusjoubert/oanda_service_api.git
  revision: ee89dd11ebfa44ef1ad94c42560906f8f38a71e2
  specs:
    oanda_service_api (2.0.2)
      http-exceptions (~> 0.1)
      httparty (~> 0.13)
      persistent_httparty (~> 0.1)

GEM
  remote: https://rubygems.org/
  specs:
    amq-protocol (2.3.0)
    attr_encrypted (3.1.0)
      encryptor (~> 3.0.0)
    aws-partitions (1.2.0)
    aws-sdk-core (3.0.0.rc1)
      aws-partitions (~> 1.0)
      aws-sigv4 (~> 1.0)
      jmespath (~> 1.0)
    aws-sdk-machinelearning (1.0.0.rc1)
      aws-sdk-core (= 3.0.0.rc1)
      aws-sigv4 (~> 1.0)
    aws-sigv4 (1.0.0)
    bunny (2.9.2)
      amq-protocol (~> 2.3.0)
    byebug (9.0.6)
    concurrent-ruby (1.1.4)
    dotenv (2.1.1)
    encryptor (3.0.0)
    gene_pool (1.4.1)
      thread_safe
    http-exceptions (0.1.2)
    http-exceptions_parser (0.1.0)
    httparty (0.16.3)
      mime-types (~> 3.0)
      multi_xml (>= 0.5.2)
    jmespath (1.3.1)
    json (2.0.2)
    mime-types (3.2.2)
      mime-types-data (~> 3.2015)
    mime-types-data (3.2018.0812)
    multi_xml (0.6.0)
    oanda_api_v20 (2.1.0)
      http-exceptions (~> 0.1)
      httparty (~> 0.13)
      persistent_httparty (~> 0.1)
    persistent_http (1.0.6)
      gene_pool (>= 1.3)
    persistent_httparty (0.1.2)
      httparty (~> 0.9)
      persistent_http (< 2)
    redis (3.3.5)
    serverengine (2.0.7)
      sigdump (~> 0.2.2)
    sigdump (0.2.4)
    sneakers (2.7.0)
      bunny (~> 2.9.2)
      concurrent-ruby (~> 1.0)
      serverengine (~> 2.0.5)
      thor
    thor (0.20.3)
    thread_safe (0.3.6)

PLATFORMS
  ruby

DEPENDENCIES
  attr_encrypted (~> 3.1)
  aws-sdk-machinelearning (= 1.0.0.rc1)
  bunny (~> 2.9)
  byebug
  dotenv (~> 2.1)
  http-exceptions_parser (~> 0.1)
  json (~> 2.0)
  oanda_api_v20 (~> 2.1)
  oanda_api_v20_backtest (= 2.0.50)!
  oanda_service_api (= 2.0.2)!
  redis (~> 3.3)
  sneakers (~> 2.7)

RUBY VERSION
   ruby 2.4.5p335

BUNDLED WITH
   1.17.2
